GEM
  remote: https://rubygems.org/
  specs:
    base64 (0.2.0)
    interactor (3.1.2)
    rexml (3.2.6)
    rubyzip (2.3.2)
    selenium-webdriver (4.18.1)
      base64 (~> 0.2)
      rexml (~> 3.2, >= 3.2.5)
      rubyzip (>= 1.2.2, < 3.0)
      websocket (~> 1.0)
    websocket (1.2.10)

PLATFORMS
  x86_64-linux

DEPENDENCIES
  interactor
  selenium-webdriver

BUNDLED WITH
   2.4.10
